GEM
  remote: http://rubygems.org/
  specs:
    activesupport (3.1.1)
      multi_json (~> 1.0)
    builder (2.1.2)
    coderay (1.0.9)
    diff-lcs (1.1.3)
    hpricot (0.6.164)
    htmlentities (4.3.0)
    i18n (0.6.0)
    log4r (1.1.9)
    mechanize (0.9.2)
      nokogiri (>= 1.2.1)
    method_source (0.8.2)
    multi_json (1.0.4)
    nokogiri (1.5.0)
    pry (0.9.12.2)
      coderay (~> 1.0.5)
      method_source (~> 0.8)
      slop (~> 3.4)
    rake (0.9.2.2)
    rcov (0.9.10)
    rmagick (2.13.2)
    rspec (2.11.0)
      rspec-core (~> 2.11.0)
      rspec-expectations (~> 2.11.0)
      rspec-mocks (~> 2.11.0)
    rspec-core (2.11.1)
    rspec-expectations (2.11.3)
      diff-lcs (~> 1.1.3)
    rspec-mocks (2.11.3)
    slop (3.4.6)

PLATFORMS
  ruby

DEPENDENCIES
  activesupport
  builder (= 2.1.2)
  hpricot (= 0.6.164)
  htmlentities
  i18n
  log4r
  mechanize (= 0.9.2)
  pry (~> 0.9)
  rake
  rcov
  rmagick
  rspec
